GEM
  remote: https://rubygems.org/
  specs:
    bson (1.8.6)
    bson_ext (1.8.6)
      bson (~> 1.8.6)
    diff-lcs (1.1.3)
    mongo (1.8.6)
      bson (~> 1.8.6)
    mongodb (2.1.0)
      mongo (~> 1.5)
    rspec (2.12.0)
      rspec-core (~> 2.12.0)
      rspec-expectations (~> 2.12.0)
      rspec-mocks (~> 2.12.0)
    rspec-core (2.12.2)
    rspec-expectations (2.12.1)
      diff-lcs (~> 1.1.3)
    rspec-mocks (2.12.1)

PLATFORMS
  ruby

DEPENDENCIES
  bson_ext
  mongodb
  rspec
